PATH
  remote: .
  specs:
    frigate (0.1.0)
      colorize (~> 0.7.7)
      commander (~> 4.4)
      inquirer (~> 0.2.1)

GEM
  remote: https://rubygems.org/
  specs:
    colorize (0.7.7)
    commander (4.4.0)
      highline (~> 1.7.2)
    highline (1.7.8)
    inquirer (0.2.1)
      term-ansicolor (>= 1.2.2)
    rake (10.4.2)
    term-ansicolor (1.3.2)
      tins (~> 1.0)
    tins (1.9.0)

PLATFORMS
  ruby

DEPENDENCIES
  bundler (~> 1.12.a)
  frigate!
  rake (~> 10.0)

BUNDLED WITH
   1.12.0.rc
